GEM
  remote: https://rubygems.org/
  specs:
    rack (1.5.2)
    rulers (0.0.3)
      rack

PLATFORMS
  ruby

DEPENDENCIES
  rulers
